GEM
  remote: https://rubygems.org/
  specs:
    puma (3.12.0)
    rack (2.0.8)

PLATFORMS
  ruby

DEPENDENCIES
  puma
  rack

BUNDLED WITH
   1.17.1
