GEM
  remote: https://rubygems.org/
  specs:
    nio4r (2.5.8)
    puma (4.3.11)
      nio4r (~> 2.0)
    rack (2.2.2)

PLATFORMS
  ruby

DEPENDENCIES
  puma
  rack

BUNDLED WITH
   1.17.3
